

GROUP androidapp
RESTRICTION: == monoandroid9.0
NUGET
  remote: https://www.nuget.org/api/v2
    Fabulous (0.52)
      FSharp.Core (>= 4.6.2)
    Fabulous.LiveUpdate (0.52)
      Fabulous (>= 0.52)
      FSharp.Core (>= 4.6.2)
      Newtonsoft.Json (>= 11.0.2)
    Fabulous.XamarinForms (0.52)
      Fabulous (>= 0.52)
      Xamarin.Forms (>= 4.4.0.991265)
    Fabulous.XamarinForms.LiveUpdate (0.52)
      Fabulous.LiveUpdate (>= 0.52)
      Xamarin.Forms (>= 4.4.0.991265)
    FSharp.Core (4.7.1)
    Newtonsoft.Json (12.0.3)
    UrhoSharp.Forms (1.9.67)
      Xamarin.Forms (>= 3.3.0.967583)
    Xamarin.Android.Arch.Core.Common (1.1.1.3)
      Xamarin.Android.Support.Annotations (28.0.0.3)
    Xamarin.Android.Arch.Core.Runtime (1.1.1.3)
      Xamarin.Android.Arch.Core.Common (1.1.1.3)
      Xamarin.Android.Support.Annotations (28.0.0.3)
    Xamarin.Android.Arch.Lifecycle.Common (1.1.1.3)
      Xamarin.Android.Support.Annotations (28.0.0.3)
    Xamarin.Android.Arch.Lifecycle.LiveData (1.1.1.3)
      Xamarin.Android.Arch.Core.Common (1.1.1.3)
      Xamarin.Android.Arch.Core.Runtime (1.1.1.3)
      Xamarin.Android.Arch.Lifecycle.LiveData.Core (1.1.1.3)
    Xamarin.Android.Arch.Lifecycle.LiveData.Core (1.1.1.3)
      Xamarin.Android.Arch.Core.Common (1.1.1.3)
      Xamarin.Android.Arch.Core.Runtime (1.1.1.3)
      Xamarin.Android.Arch.Lifecycle.Common (1.1.1.3)
    Xamarin.Android.Arch.Lifecycle.Runtime (1.1.1.3)
      Xamarin.Android.Arch.Core.Common (1.1.1.3)
      Xamarin.Android.Arch.Lifecycle.Common (1.1.1.3)
      Xamarin.Android.Support.Annotations (28.0.0.3)
    Xamarin.Android.Arch.Lifecycle.ViewModel (1.1.1.3)
      Xamarin.Android.Support.Annotations (28.0.0.3)
    Xamarin.Android.FSharp.ResourceProvider (1.0.0.28)
    Xamarin.Android.Support.Animated.Vector.Drawable (28.0.0.3)
      Xamarin.Android.Support.Core.UI (28.0.0.3)
      Xamarin.Android.Support.Vector.Drawable (28.0.0.3)
    Xamarin.Android.Support.Annotations (28.0.0.3)
    Xamarin.Android.Support.AsyncLayoutInflater (28.0.0.3)
      Xamarin.Android.Support.Annotations (28.0.0.3)
      Xamarin.Android.Support.Compat (28.0.0.3)
    Xamarin.Android.Support.Collections (28.0.0.3)
      Xamarin.Android.Support.Annotations (28.0.0.3)
    Xamarin.Android.Support.Compat (28.0.0.3)
      Xamarin.Android.Arch.Lifecycle.Runtime (1.1.1.3)
      Xamarin.Android.Support.Annotations (28.0.0.3)
      Xamarin.Android.Support.Collections (28.0.0.3)
      Xamarin.Android.Support.VersionedParcelable (28.0.0.3)
    Xamarin.Android.Support.CoordinaterLayout (28.0.0.3)
      Xamarin.Android.Support.Annotations (28.0.0.3)
      Xamarin.Android.Support.Compat (28.0.0.3)
      Xamarin.Android.Support.CustomView (28.0.0.3)
    Xamarin.Android.Support.Core.UI (28.0.0.3)
      Xamarin.Android.Support.Annotations (28.0.0.3)
      Xamarin.Android.Support.AsyncLayoutInflater (28.0.0.3)
      Xamarin.Android.Support.Compat (28.0.0.3)
      Xamarin.Android.Support.CoordinaterLayout (28.0.0.3)
      Xamarin.Android.Support.Core.Utils (28.0.0.3)
      Xamarin.Android.Support.CursorAdapter (28.0.0.3)
      Xamarin.Android.Support.CustomView (28.0.0.3)
      Xamarin.Android.Support.DrawerLayout (28.0.0.3)
      Xamarin.Android.Support.Interpolator (28.0.0.3)
      Xamarin.Android.Support.SlidingPaneLayout (28.0.0.3)
      Xamarin.Android.Support.SwipeRefreshLayout (28.0.0.3)
      Xamarin.Android.Support.ViewPager (28.0.0.3)
    Xamarin.Android.Support.Core.Utils (28.0.0.3)
      Xamarin.Android.Support.Annotations (28.0.0.3)
      Xamarin.Android.Support.Compat (28.0.0.3)
      Xamarin.Android.Support.DocumentFile (28.0.0.3)
      Xamarin.Android.Support.Loader (28.0.0.3)
      Xamarin.Android.Support.LocalBroadcastManager (28.0.0.3)
      Xamarin.Android.Support.Print (28.0.0.3)
    Xamarin.Android.Support.CursorAdapter (28.0.0.3)
      Xamarin.Android.Support.Annotations (28.0.0.3)
    Xamarin.Android.Support.CustomTabs (28.0.0.3)
      Xamarin.Android.Support.Annotations (28.0.0.3)
      Xamarin.Android.Support.Collections (28.0.0.3)
      Xamarin.Android.Support.Compat (28.0.0.3)
      Xamarin.Android.Support.Core.UI (28.0.0.3)
      Xamarin.Android.Support.Interpolator (28.0.0.3)
    Xamarin.Android.Support.CustomView (28.0.0.3)
      Xamarin.Android.Support.Annotations (28.0.0.3)
      Xamarin.Android.Support.Compat (28.0.0.3)
    Xamarin.Android.Support.Design (28.0.0.3)
      Xamarin.Android.Support.Annotations (28.0.0.3)
      Xamarin.Android.Support.Compat (28.0.0.3)
      Xamarin.Android.Support.Core.UI (28.0.0.3)
      Xamarin.Android.Support.Core.Utils (28.0.0.3)
      Xamarin.Android.Support.Fragment (28.0.0.3)
      Xamarin.Android.Support.Transition (28.0.0.3)
      Xamarin.Android.Support.v7.AppCompat (28.0.0.3)
      Xamarin.Android.Support.v7.CardView (28.0.0.3)
      Xamarin.Android.Support.v7.RecyclerView (28.0.0.3)
    Xamarin.Android.Support.DocumentFile (28.0.0.3)
      Xamarin.Android.Support.Annotations (28.0.0.3)
    Xamarin.Android.Support.DrawerLayout (28.0.0.3)
      Xamarin.Android.Support.Annotations (28.0.0.3)
      Xamarin.Android.Support.Compat (28.0.0.3)
      Xamarin.Android.Support.CustomView (28.0.0.3)
    Xamarin.Android.Support.Fragment (28.0.0.3)
      Xamarin.Android.Arch.Lifecycle.ViewModel (1.1.1.3)
      Xamarin.Android.Support.Annotations (28.0.0.3)
      Xamarin.Android.Support.Compat (28.0.0.3)
      Xamarin.Android.Support.Core.UI (28.0.0.3)
      Xamarin.Android.Support.Core.Utils (28.0.0.3)
      Xamarin.Android.Support.Loader (28.0.0.3)
    Xamarin.Android.Support.Interpolator (28.0.0.3)
      Xamarin.Android.Support.Annotations (28.0.0.3)
    Xamarin.Android.Support.Loader (28.0.0.3)
      Xamarin.Android.Arch.Lifecycle.LiveData (1.1.1.3)
      Xamarin.Android.Arch.Lifecycle.ViewModel (1.1.1.3)
      Xamarin.Android.Support.Annotations (28.0.0.3)
      Xamarin.Android.Support.Compat (28.0.0.3)
    Xamarin.Android.Support.LocalBroadcastManager (28.0.0.3)
      Xamarin.Android.Support.Annotations (28.0.0.3)
    Xamarin.Android.Support.Media.Compat (28.0.0.3)
      Xamarin.Android.Support.Annotations (28.0.0.3)
      Xamarin.Android.Support.Compat (28.0.0.3)
      Xamarin.Android.Support.VersionedParcelable (28.0.0.3)
    Xamarin.Android.Support.Print (28.0.0.3)
      Xamarin.Android.Support.Annotations (28.0.0.3)
    Xamarin.Android.Support.SlidingPaneLayout (28.0.0.3)
      Xamarin.Android.Support.Annotations (28.0.0.3)
      Xamarin.Android.Support.Compat (28.0.0.3)
      Xamarin.Android.Support.CustomView (28.0.0.3)
    Xamarin.Android.Support.SwipeRefreshLayout (28.0.0.3)
      Xamarin.Android.Support.Annotations (28.0.0.3)
      Xamarin.Android.Support.Compat (28.0.0.3)
      Xamarin.Android.Support.Interpolator (28.0.0.3)
    Xamarin.Android.Support.Transition (28.0.0.3)
      Xamarin.Android.Support.Annotations (28.0.0.3)
      Xamarin.Android.Support.Compat (28.0.0.3)
      Xamarin.Android.Support.Fragment (28.0.0.3)
    Xamarin.Android.Support.v7.AppCompat (28.0.0.3)
      Xamarin.Android.Support.Animated.Vector.Drawable (28.0.0.3)
      Xamarin.Android.Support.Annotations (28.0.0.3)
      Xamarin.Android.Support.Collections (28.0.0.3)
      Xamarin.Android.Support.Compat (28.0.0.3)
      Xamarin.Android.Support.Core.Utils (28.0.0.3)
      Xamarin.Android.Support.CursorAdapter (28.0.0.3)
      Xamarin.Android.Support.Fragment (28.0.0.3)
      Xamarin.Android.Support.Vector.Drawable (28.0.0.3)
    Xamarin.Android.Support.v7.CardView (28.0.0.3)
      Xamarin.Android.Support.Annotations (28.0.0.3)
    Xamarin.Android.Support.v7.RecyclerView (28.0.0.3)
      Xamarin.Android.Support.Annotations (28.0.0.3)
      Xamarin.Android.Support.Compat (28.0.0.3)
      Xamarin.Android.Support.Core.UI (28.0.0.3)
    Xamarin.Android.Support.Vector.Drawable (28.0.0.3)
      Xamarin.Android.Support.Annotations (28.0.0.3)
      Xamarin.Android.Support.Compat (28.0.0.3)
    Xamarin.Android.Support.VersionedParcelable (28.0.0.3)
      Xamarin.Android.Support.Annotations (28.0.0.3)
      Xamarin.Android.Support.Collections (28.0.0.3)
    Xamarin.Android.Support.ViewPager (28.0.0.3)
      Xamarin.Android.Support.Annotations (28.0.0.3)
      Xamarin.Android.Support.Compat (28.0.0.3)
      Xamarin.Android.Support.CustomView (28.0.0.3)
    Xamarin.Essentials (1.5.2)
      Xamarin.Android.Support.Compat (>= 28.0.0.3)
      Xamarin.Android.Support.CustomTabs (>= 28.0.0.3)
    Xamarin.Forms (4.4.0.991864)

GROUP iosapp
RESTRICTION: == xamarinios
NUGET
  remote: https://www.nuget.org/api/v2
    Fabulous (0.52)
      FSharp.Core (>= 4.6.2)
    Fabulous.LiveUpdate (0.52)
      Fabulous (>= 0.52)
      FSharp.Core (>= 4.6.2)
      Newtonsoft.Json (>= 11.0.2)
    Fabulous.XamarinForms (0.52)
      Fabulous (>= 0.52)
      Xamarin.Forms (>= 4.4.0.991265)
    Fabulous.XamarinForms.LiveUpdate (0.52)
      Fabulous.LiveUpdate (>= 0.52)
      Xamarin.Forms (>= 4.4.0.991265)
    FSharp.Core (4.7.1)
    Newtonsoft.Json (12.0.3)
    UrhoSharp.Forms (1.9.67)
      Xamarin.Forms (>= 3.3.0.967583)
    Xamarin.Essentials (1.5.2)
    Xamarin.Forms (4.4.0.991864)

GROUP neutral
RESTRICTION: == netstandard2.0
NUGET
  remote: https://www.nuget.org/api/v2
    Fabulous (0.52)
      FSharp.Core (>= 4.6.2)
    Fabulous.LiveUpdate (0.52)
      Fabulous (>= 0.52)
      FSharp.Core (>= 4.6.2)
      Newtonsoft.Json (>= 11.0.2)
    Fabulous.XamarinForms (0.52)
      Fabulous (>= 0.52)
      Xamarin.Forms (>= 4.4.0.991265)
    Fabulous.XamarinForms.LiveUpdate (0.52)
      Fabulous.LiveUpdate (>= 0.52)
      Xamarin.Forms (>= 4.4.0.991265)
    FSharp.Core (4.7.1)
    Newtonsoft.Json (12.0.3)
    System.Numerics.Vectors (4.5)
    UrhoSharp.Forms (1.9.67)
      Xamarin.Forms (>= 3.3.0.967583)
    Xamarin.Essentials (1.5.2)
      System.Numerics.Vectors (>= 4.5)
    Xamarin.Forms (4.4.0.991864)
